GEM
  specs:
    mysql2 (0.3.13)
    rake (10.1.0)

PLATFORMS
  ruby

DEPENDENCIES
  mysql2
  rake
